GEM
  remote: http://rubygems.org/
  specs:
    RedCloth (4.2.9)
    activesupport (4.0.0)
      i18n (~> 0.6, >= 0.6.4)
      minitest (~> 4.2)
      multi_json (~> 1.3)
      thread_safe (~> 0.1)
      tzinfo (~> 0.3.37)
    atomic (1.1.12)
    escape_utils (0.3.2)
    gemoji (1.4.0)
    github-markdown (0.5.3)
    haml (4.0.3)
      tilt
    html-pipeline (0.2.1)
      escape_utils (~> 0.3)
      gemoji (~> 1.0)
      github-markdown (~> 0.5)
      nokogiri (~> 1.4)
      rinku (~> 1.7)
      sanitize (~> 2.0)
    i18n (0.6.5)
    kgio (2.8.0)
    mini_portile (0.5.1)
    minitest (4.7.5)
    multi_json (1.8.0)
    newrelic_rpm (3.6.6.147)
    nokogiri (1.6.0)
      mini_portile (~> 0.5.0)
    rack (1.5.2)
    rack-protection (1.5.0)
      rack
    raindrops (0.12.0)
    rinku (1.7.3)
    sanitize (2.0.6)
      nokogiri (>= 1.4.4)
    sinatra (1.4.3)
      rack (~> 1.4)
      rack-protection (~> 1.4)
      tilt (~> 1.3, >= 1.3.4)
    slim (2.0.1)
      temple (~> 0.6.6)
      tilt (>= 1.3.3, < 2.1)
    temple (0.6.6)
    thread_safe (0.1.2)
      atomic
    tilt (1.3.4)
    tzinfo (0.3.37)
    unicorn (4.6.3)
      kgio (~> 2.6)
      rack
      raindrops (~> 0.7)

PLATFORMS
  ruby

DEPENDENCIES
  RedCloth
  activesupport (~> 4.0.0)
  haml
  html-pipeline (~> 0.2.1)
  newrelic_rpm
  sinatra
  slim
  unicorn
